GEM
  remote: https://rubygems.org/
  specs:
    coderay (1.1.0)
    kgio (2.9.2)
    method_source (0.8.2)
    pry (0.10.0)
      coderay (~> 1.1.0)
      method_source (~> 0.8.1)
      slop (~> 3.4)
    rack (1.5.2)
    rack-protection (1.5.3)
      rack
    raindrops (0.13.0)
    rake (10.3.2)
    sinatra (1.4.5)
      rack (~> 1.4)
      rack-protection (~> 1.4)
      tilt (~> 1.3, >= 1.3.4)
    slop (3.6.0)
    tilt (1.4.1)
    unicorn (4.2.0)
      kgio (~> 2.6)
      rack
      raindrops (~> 0.7)
    vcr (2.9.2)

PLATFORMS
  ruby

DEPENDENCIES
  bundler (~> 1.6)
  pry (~> 0.10.0)
  rake (~> 10.0)
  sinatra (~> 1.4.5)
  unicorn (~> 4.2.0)
  vcr (~> 2.9.2)
